PATH
  remote: /Users/maciej/Desktop/Projects/udemy_easy_to_advanced_data_structures
  specs:
    maciej_data_structures (0.0.1)

GEM
  remote: https://rubygems.org/
  specs:
    adjacency_list_builder (0.0.1)

PLATFORMS
  x86_64-darwin-19

DEPENDENCIES
  adjacency_list_builder (~> 0.0.1)
  maciej_data_structures!

BUNDLED WITH
   2.2.4
